GEM
  remote: https://rubygems.org/
  specs:
    addressable (2.7.0)
      public_suffix (>= 2.0.2, < 5.0)
    backports (3.16.1)
    chunky_png (1.3.11)
    connection_pool (2.2.2)
    erubis (2.7.0)
    fishwife (1.10.1-java)
      rack (>= 1.6.4, < 2.1)
      rjack-jetty (>= 9.2.11, < 9.5)
      rjack-slf4j (~> 1.7.2)
    multi_json (1.14.1)
    multipart-post (2.0.0)
    mustermann (1.1.1)
      ruby2_keywords (~> 0.0.1)
    net-http-persistent (3.0.1)
      connection_pool (~> 2.2)
    public_suffix (4.0.3)
    rack (2.0.9)
    rack-protection (2.0.5)
      rack
    rjack-jetty (9.4.20.0-java)
    rjack-logback (1.9.0-java)
      rjack-slf4j (~> 1.7.16)
    rjack-slf4j (1.7.25.0-java)
    rotp (5.1.0)
      addressable (~> 2.5)
    rqrcode (0.10.1)
      chunky_png (~> 1.0)
    ruby2_keywords (0.0.2)
    sinatra (2.0.5)
      mustermann (~> 1.0)
      rack (~> 2.0)
      rack-protection (= 2.0.5)
      tilt (~> 2.0)
    sinatra-contrib (2.0.5)
      backports (>= 2.8.2)
      multi_json
      mustermann (~> 1.0)
      rack-protection (= 2.0.5)
      sinatra (= 2.0.5)
      tilt (>= 1.3, < 3)
    tilt (2.0.10)

PLATFORMS
  java

DEPENDENCIES
  erubis (= 2.7.0)
  fishwife (= 1.10.1)
  multipart-post (= 2.0.0)
  net-http-persistent (= 3.0.1)
  rack-protection (= 2.0.5)
  rjack-logback (= 1.9.0)
  rotp (= 5.1)
  rqrcode (= 0.10.1)
  sinatra (= 2.0.5)
  sinatra-contrib (= 2.0.5)

