GEM
  remote: https://rubygems.org/
  specs:
    addressable (2.7.0)
      public_suffix (>= 2.0.2, < 5.0)
    aws-eventstream (1.0.3)
    aws-partitions (1.278.0)
    aws-sdk-core (3.90.1)
      aws-eventstream (~> 1.0, >= 1.0.2)
      aws-partitions (~> 1, >= 1.239.0)
      aws-sigv4 (~> 1.1)
      jmespath (~> 1.0)
    aws-sdk-kms (1.29.0)
      aws-sdk-core (~> 3, >= 3.71.0)
      aws-sigv4 (~> 1.1)
    aws-sdk-s3 (1.60.2)
      aws-sdk-core (~> 3, >= 3.83.0)
      aws-sdk-kms (~> 1)
      aws-sigv4 (~> 1.1)
    aws-sdk-sns (1.21.0)
      aws-sdk-core (~> 3, >= 3.71.0)
      aws-sigv4 (~> 1.1)
    aws-sigv4 (1.1.1)
      aws-eventstream (~> 1.0, >= 1.0.2)
    backports (3.16.1)
    bcrypt (3.1.12-java)
    fishwife (1.10.1-java)
      rack (>= 1.6.4, < 2.1)
      rjack-jetty (>= 9.2.11, < 9.5)
      rjack-slf4j (~> 1.7.2)
    html2text (0.3.1)
      nokogiri (~> 1.10.3)
    jdbc-mysql (5.1.47)
    jmespath (1.4.0)
    json (2.2.0-java)
    mail (2.7.1)
      mini_mime (>= 0.1.1)
    mini_mime (1.0.2)
    multi_json (1.14.1)
    mustermann (1.1.1)
      ruby2_keywords (~> 0.0.1)
    nokogiri (1.10.8-java)
    public_suffix (4.0.3)
    rack (2.0.9)
    rack-protection (2.0.5)
      rack
    rjack-jetty (9.4.20.0-java)
    rjack-logback (1.9.0-java)
      rjack-slf4j (~> 1.7.16)
    rjack-slf4j (1.7.25.0-java)
    rotp (5.1.0)
      addressable (~> 2.5)
    ruby2_keywords (0.0.2)
    sequel (5.19.0)
    sinatra (2.0.5)
      mustermann (~> 1.0)
      rack (~> 2.0)
      rack-protection (= 2.0.5)
      tilt (~> 2.0)
    sinatra-contrib (2.0.5)
      backports (>= 2.8.2)
      multi_json
      mustermann (~> 1.0)
      rack-protection (= 2.0.5)
      sinatra (= 2.0.5)
      tilt (>= 1.3, < 3)
    tilt (2.0.10)

PLATFORMS
  java

DEPENDENCIES
  aws-sdk-s3
  aws-sdk-sns
  bcrypt (= 3.1.12)
  fishwife (= 1.10.1)
  html2text
  jdbc-mysql (= 5.1.47)
  json (= 2.2.0)
  mail
  rjack-logback (= 1.9.0)
  rotp (= 5.1)
  sequel (= 5.19.0)
  sinatra (= 2.0.5)
  sinatra-contrib (= 2.0.5)

